GIT
  remote: git://github.com/bradphelan/jasminerice.git
  revision: 091349c27343bfa728b8e5745675f9ddbb7d9699
  specs:
    jasminerice (0.1.0)
      coffee-rails

GIT
  remote: git://github.com/mongoid/mongoid.git
  revision: 57264eff1df0e52c32e700f797a6c15222830b50
  specs:
    mongoid (4.0.0)
      activemodel (~> 4.0.0)
      moped (~> 2.0.beta3)
      origin (~> 1.0)
      tzinfo (~> 0.3.37)

GIT
  remote: git://github.com/thomas-mcdonald/bootstrap-sass.git
  revision: 018c0b924824b9f5e33a4e3b6978235576b8647b
  specs:
    bootstrap-sass (3.0.1.0.rc)
      sass (~> 3.2)

GEM
  remote: https://rubygems.org/
  specs:
    actionmailer (4.0.2)
      actionpack (= 4.0.2)
      mail (~> 2.5.4)
    actionpack (4.0.2)
      activesupport (= 4.0.2)
      builder (~> 3.1.0)
      erubis (~> 2.7.0)
      rack (~> 1.5.2)
      rack-test (~> 0.6.2)
    active_model_serializers (0.8.1)
      activemodel (>= 3.0)
    activemodel (4.0.2)
      activesupport (= 4.0.2)
      builder (~> 3.1.0)
    activerecord (4.0.2)
      activemodel (= 4.0.2)
      activerecord-deprecated_finders (~> 1.0.2)
      activesupport (= 4.0.2)
      arel (~> 4.0.0)
    activerecord-deprecated_finders (1.0.3)
    activesupport (4.0.2)
      i18n (~> 0.6, >= 0.6.4)
      minitest (~> 4.2)
      multi_json (~> 1.3)
      thread_safe (~> 0.1)
      tzinfo (~> 0.3.37)
    angularjs-rails (1.2.0)
    arel (4.0.1)
    atomic (1.1.14)
    authority (2.9.0)
      activesupport (>= 3.0.0)
      rake (>= 0.8.7)
    awesome_print (1.2.0)
    backbone-on-rails (1.1.0.0)
      eco
      ejs
      jquery-rails
      rails (>= 3.1)
    better_errors (1.0.1)
      coderay (>= 1.0.0)
      erubis (>= 2.6.6)
    binding_of_caller (0.7.2)
      debug_inspector (>= 0.0.1)
    bson (2.0.0.rc3)
    builder (3.1.4)
    capybara (2.1.0)
      mime-types (>= 1.16)
      nokogiri (>= 1.3.3)
      rack (>= 1.0.0)
      rack-test (>= 0.5.4)
      xpath (~> 2.0)
    celluloid (0.15.2)
      timers (~> 1.1.0)
    coderay (1.0.9)
    coffee-rails (4.0.1)
      coffee-script (>= 2.2.0)
      railties (>= 4.0.0, < 5.0)
    coffee-script (2.2.0)
      coffee-script-source
      execjs
    coffee-script-source (1.6.3)
    colored (1.2)
    daemons (1.1.9)
    database_cleaner (1.1.1)
    debug_inspector (0.0.2)
    diff-lcs (1.2.4)
    dotenv (0.9.0)
    dotenv-rails (0.9.0)
      dotenv (= 0.9.0)
    draper (1.3.0)
      actionpack (>= 3.0)
      activemodel (>= 3.0)
      activesupport (>= 3.0)
      request_store (~> 1.0.3)
    eco (1.0.0)
      coffee-script
      eco-source
      execjs
    eco-source (1.1.0.rc.1)
    ejs (1.1.1)
    erubis (2.7.0)
    eventmachine (1.0.3)
    execjs (2.0.2)
    factory_girl (4.2.0)
      activesupport (>= 3.0.0)
    factory_girl_rails (4.2.1)
      factory_girl (~> 4.2.0)
      railties (>= 3.0.0)
    faraday (0.8.8)
      multipart-post (~> 1.2.0)
    ffi (1.9.3)
    font-awesome-rails (4.0.3.0)
      railties (>= 3.2, < 5.0)
    formatador (0.2.4)
    guard (2.2.2)
      formatador (>= 0.2.4)
      listen (~> 2.1)
      lumberjack (~> 1.0)
      pry (>= 0.9.12)
      thor (>= 0.18.1)
    guard-rspec (4.0.3)
      guard (>= 2.1.1)
      rspec (~> 2.14)
    haml (4.0.3)
      tilt
    haml-rails (0.4)
      actionpack (>= 3.1, < 4.1)
      activesupport (>= 3.1, < 4.1)
      haml (>= 3.1, < 4.1)
      railties (>= 3.1, < 4.1)
    handlebars_assets (0.15)
      execjs (>= 1.2.9)
      multi_json
      sprockets (>= 2.0.3)
      tilt
    hashie (2.0.5)
    hike (1.2.3)
    httpauth (0.2.0)
    i18n (0.6.9)
    jbuilder (1.5.2)
      activesupport (>= 3.0.0)
      multi_json (>= 1.2.0)
    jquery-rails (3.0.4)
      railties (>= 3.0, < 5.0)
      thor (>= 0.14, < 2.0)
    jquery-ui-rails (4.0.5)
      railties (>= 3.1.0)
    json (1.8.1)
    jwt (0.1.8)
      multi_json (>= 1.5)
    listen (2.2.0)
      celluloid (>= 0.15.2)
      rb-fsevent (>= 0.9.3)
      rb-inotify (>= 0.9)
    lumberjack (1.0.4)
    mail (2.5.4)
      mime-types (~> 1.16)
      treetop (~> 1.4.8)
    marionette-rails (1.4.1)
      rails (>= 3.1.0)
    method_source (0.8.2)
    mime-types (1.25.1)
    mini_portile (0.5.2)
    minitest (4.7.5)
    momentjs-rails (2.4.0)
      railties (>= 3.1)
    mongoid-rspec (1.9.0)
      mongoid (>= 3.0.1)
      rake
      rspec (>= 2.14)
    moped (2.0.0.beta3)
      bson (~> 2.0.0.rc3)
      optionable (~> 0.1.1)
    multi_json (1.8.2)
    multipart-post (1.2.0)
    nokogiri (1.6.0)
      mini_portile (~> 0.5.0)
    oauth2 (0.8.1)
      faraday (~> 0.8)
      httpauth (~> 0.1)
      jwt (~> 0.1.4)
      multi_json (~> 1.0)
      rack (~> 1.2)
    omniauth (1.1.4)
      hashie (>= 1.2, < 3)
      rack
    omniauth-github (1.1.1)
      omniauth (~> 1.0)
      omniauth-oauth2 (~> 1.1)
    omniauth-oauth2 (1.1.1)
      oauth2 (~> 0.8.0)
      omniauth (~> 1.0)
    optionable (0.1.1)
    origin (1.1.0)
    polyglot (0.3.3)
    pry (0.9.12.2)
      coderay (~> 1.0.5)
      method_source (~> 0.8)
      slop (~> 3.4)
    pry-rails (0.3.2)
      pry (>= 0.9.10)
    rack (1.5.2)
    rack-test (0.6.2)
      rack (>= 1.0)
    rails (4.0.2)
      actionmailer (= 4.0.2)
      actionpack (= 4.0.2)
      activerecord (= 4.0.2)
      activesupport (= 4.0.2)
      bundler (>= 1.3.0, < 2.0)
      railties (= 4.0.2)
      sprockets-rails (~> 2.0.0)
    rails_12factor (0.0.2)
      rails_serve_static_assets
      rails_stdout_logging
    rails_serve_static_assets (0.0.1)
    rails_stdout_logging (0.0.3)
    railties (4.0.2)
      actionpack (= 4.0.2)
      activesupport (= 4.0.2)
      rake (>= 0.8.7)
      thor (>= 0.18.1, < 2.0)
    rake (10.1.1)
    rb-fsevent (0.9.3)
    rb-inotify (0.9.2)
      ffi (>= 0.5.0)
    request_store (1.0.5)
    rolify (3.2.0)
    rspec (2.14.1)
      rspec-core (~> 2.14.0)
      rspec-expectations (~> 2.14.0)
      rspec-mocks (~> 2.14.0)
    rspec-core (2.14.7)
    rspec-expectations (2.14.3)
      diff-lcs (>= 1.1.3, < 2.0)
    rspec-mocks (2.14.4)
    rspec-rails (2.14.0)
      actionpack (>= 3.0)
      activesupport (>= 3.0)
      railties (>= 3.0)
      rspec-core (~> 2.14.0)
      rspec-expectations (~> 2.14.0)
      rspec-mocks (~> 2.14.0)
    sass (3.2.12)
    sass-rails (4.0.1)
      railties (>= 4.0.0, < 5.0)
      sass (>= 3.1.10)
      sprockets-rails (~> 2.0.0)
    simple_form (3.0.0)
      actionpack (>= 4.0.0, < 4.1)
      activemodel (>= 4.0.0, < 4.1)
    slop (3.4.6)
    sprockets (2.10.1)
      hike (~> 1.2)
      multi_json (~> 1.0)
      rack (~> 1.0)
      tilt (~> 1.1, != 1.3.0)
    sprockets-rails (2.0.1)
      actionpack (>= 3.0)
      activesupport (>= 3.0)
      sprockets (~> 2.8)
    thin (1.6.1)
      daemons (>= 1.0.9)
      eventmachine (>= 1.0.0)
      rack (>= 1.0.0)
    thor (0.18.1)
    thread_safe (0.1.3)
      atomic
    tilt (1.4.1)
    timers (1.1.0)
    treetop (1.4.15)
      polyglot
      polyglot (>= 0.3.1)
    tzinfo (0.3.38)
    uglifier (2.3.0)
      execjs (>= 0.3.0)
      json (>= 1.8.0)
    xpath (2.0.0)
      nokogiri (~> 1.3)

PLATFORMS
  ruby

DEPENDENCIES
  active_model_serializers (~> 0.8.1)
  angularjs-rails (~> 1.2.0)
  authority (>= 2.9.0)
  awesome_print
  backbone-on-rails (~> 1.1.0.0)
  better_errors
  binding_of_caller
  bootstrap-sass!
  capybara
  coffee-rails (~> 4.0.0)
  colored
  database_cleaner
  dotenv-rails
  draper
  factory_girl_rails
  font-awesome-rails (>= 4.0.3.0)
  guard-rspec
  haml-rails
  handlebars_assets (~> 0.15)
  jasminerice!
  jbuilder (~> 1.2)
  jquery-rails
  jquery-ui-rails (~> 4.0.5)
  marionette-rails (~> 1.4.1)
  momentjs-rails (~> 2.4.0)
  mongoid!
  mongoid-rspec
  omniauth (>= 1.1.4)
  omniauth-github (>= 1.1.1)
  pry-rails
  rails (= 4.0.2)
  rails_12factor
  rolify (>= 3.2.0)
  rspec-rails
  sass-rails (~> 4.0.0)
  simple_form
  thin (>= 1.6.0)
  uglifier (>= 1.3.0)
